GIT
  remote: git://github.com/philtr/taut-gifme.git
  revision: 0e3c16e069b7a178ae3a99a0a0ecf1ccb64e9120
  specs:
    taut-gifme (0.0.1)
      multi_json (>= 1.8)
      taut

GIT
  remote: git://github.com/philtr/taut.git
  revision: a05f5b7aa5b213e3c852d26955ba4652e91c2f9d
  specs:
    taut (0.0.1)
      sinatra (>= 1.4)

GEM
  remote: https://rubygems.org/
  specs:
    multi_json (1.8.4)
    rack (1.5.2)
    rack-protection (1.5.2)
      rack
    sinatra (1.4.4)
      rack (~> 1.4)
      rack-protection (~> 1.4)
      tilt (~> 1.3, >= 1.3.4)
    tilt (1.4.1)

PLATFORMS
  ruby

DEPENDENCIES
  taut!
  taut-gifme!
