PATH
  remote: ../taut
  specs:
    taut (0.0.1)
      sinatra (>= 1.4)

PATH
  remote: ../taut-gifme
  specs:
    taut-gifme (0.0.1)
      multi_json (>= 1.8)
      taut

GEM
  remote: https://rubygems.org/
  specs:
    multi_json (1.8.2)
    rack (1.5.2)
    rack-protection (1.5.2)
      rack
    sinatra (1.4.4)
      rack (~> 1.4)
      rack-protection (~> 1.4)
      tilt (~> 1.3, >= 1.3.4)
    tilt (1.4.1)

PLATFORMS
  ruby

DEPENDENCIES
  taut!
  taut-gifme!
